GEM
  remote: https://rubygems.org/
  specs:
    awesome_print (1.7.0)
    cause (0.1)
    httparty (0.14.0)
      multi_xml (>= 0.5.2)
    influxdb (0.3.12)
      cause
      json
    json (2.0.2)
    multi_xml (0.5.5)
    mustermann (1.0.2)
    rack (2.0.4)
    rack-protection (2.0.1)
      rack
    rake (11.3.0)
    sinatra (2.0.1)
      mustermann (~> 1.0)
      rack (~> 2.0)
      rack-protection (= 2.0.1)
      tilt (~> 2.0)
    tilt (2.0.8)

PLATFORMS
  ruby

DEPENDENCIES
  awesome_print
  httparty (~> 0.14.0)
  influxdb (~> 0.3.12)
  rake (~> 11.3)
  sinatra (~> 2.0, >= 2.0.1)

RUBY VERSION
   ruby 2.3.1p112

BUNDLED WITH
   1.16.1
